{
  "Modality": "MR",
  "MagneticFieldStrength": 3,
  "ImagingFrequency": 123.253,
  "Manufacturer": "Siemens",
  "ManufacturersModelName": "Prisma_fit",
  "InstitutionName": "MIT",
  "InstitutionalDepartmentName": "Department",
  "InstitutionAddress": "Vassar Street 43,Cambridge,Boston,US,02139",
  "DeviceSerialNumber": "167012",
  "StationName": "MRC35115",
  "BodyPartExamined": "BRAIN",
  "PatientPosition": "HFS",
  "ProcedureStepDescription": "Oliva^Alex Ben",
  "SoftwareVersions": "syngo MR E11",
  "MRAcquisitionType": "2D",
  "SeriesDescription": "cmrr_rs_fMRI",
  "ProtocolName": "cmrr_rs_fMRI",
  "ScanningSequence": "EP",
  "SequenceVariant": "SK\\SS",
  "ScanOptions": "FS",
  "SequenceName": "epfid2d1_76",
  "ImageType": [
    "ORIGINAL",
    "PRIMARY",
    "M",
    "MB",
    "ND",
    "MOSAIC"
  ],
  "SeriesNumber": 14,
  "AcquisitionTime": "10:04:21.600000",
  "AcquisitionNumber": 1,
  "ImageComments": "Unaliased MB2/PE2/LB",
  "SliceThickness": 2.5,
  "SpacingBetweenSlices": 2.75,
  "SAR": 0.102004,
  "EchoTime": 0.03,
  "RepetitionTime": 1.75,
  "FlipAngle": 71,
  "PartialFourier": 1,
  "BaseResolution": 76,
  "ShimSetting": [
    -5616,
    -1530,
    3170,
    653,
    -4,
    -43,
    36,
    -20
  ],
  "TxRefAmp": 227.818,
  "PhaseResolution": 1,
  "ReceiveCoilName": "Head_32",
  "ReceiveCoilActiveElements": "HEA;HEP",
  "PulseSequenceDetails": "%CustomerSeq%\\cmrr_mbep2d_bold",
  "WipMemBlock": "a21879aa-204d-4d4c-a7ba-e856839fbf80||Sequence: R016 ve11c/master r/e634e98; Dec 19 2017 11:00:25 by eja",
  "ConsistencyInfo": "N4_VE11C_LATEST_20160120",
  "MultibandAccelerationFactor": 2,
  "PercentPhaseFOV": 100,
  "PercentSampling": 100,
  "EchoTrainLength": 76,
  "PhaseEncodingSteps": 76,
  "AcquisitionMatrixPE": 76,
  "ReconMatrixPE": 76,
  "BandwidthPerPixelPhaseEncode": 25.8,
  "EffectiveEchoSpacing": 0.000509996,
  "DerivedVendorReportedEchoSpacing": 0.000509996,
  "TotalReadoutTime": 0.0382497,
  "PixelBandwidth": 2270,
  "DwellTime": 2.9e-06,
  "PhaseEncodingDirection": "j-",
  "SliceTiming": [
    0,
    0.8975,
    0.065,
    0.96,
    0.1275,
    1.025,
    0.1925,
    1.09,
    0.2575,
    1.1525,
    0.32,
    1.2175,
    0.385,
    1.2825,
    0.4475,
    1.345,
    0.5125,
    1.41,
    0.5775,
    1.4725,
    0.64,
    1.5375,
    0.705,
    1.6025,
    0.77,
    1.665,
    0.8325,
    0,
    0.8975,
    0.065,
    0.96,
    0.1275,
    1.025,
    0.1925,
    1.09,
    0.2575,
    1.1525,
    0.32,
    1.2175,
    0.385,
    1.2825,
    0.4475,
    1.345,
    0.5125,
    1.41,
    0.5775,
    1.4725,
    0.64,
    1.5375,
    0.705,
    1.6025,
    0.77,
    1.665,
    0.8325
  ],
  "ImageOrientationPatientDICOM": [
    0.995532,
    -0.0768297,
    0.054892,
    0.0804483,
    0.994499,
    -0.067074
  ],
  "InPlanePhaseEncodingDirectionDICOM": "COL",
  "ConversionSoftware": "dcm2niix",
  "ConversionSoftwareVersion": "v1.0.20201102",
  "TaskName": "rest"
}
