{
  "Modality": "MR",
  "MagneticFieldStrength": 3,
  "ImagingFrequency": 123.253,
  "Manufacturer": "Siemens",
  "ManufacturersModelName": "Prisma_fit",
  "InstitutionName": "MIT",
  "InstitutionalDepartmentName": "Department",
  "InstitutionAddress": "Vassar Street 43,Cambridge,Boston,US,02139",
  "DeviceSerialNumber": "167012",
  "StationName": "MRC35115",
  "BodyPartExamined": "BRAIN",
  "PatientPosition": "HFS",
  "ProcedureStepDescription": "Oliva^Alex Ben",
  "SoftwareVersions": "syngo MR E11",
  "MRAcquisitionType": "2D",
  "SeriesDescription": "gre_field_mapping",
  "ProtocolName": "gre_field_mapping",
  "ScanningSequence": "GR",
  "SequenceVariant": "SP",
  "SequenceName": "*fm2d2r",
  "ImageType": [
    "ORIGINAL",
    "PRIMARY",
    "P",
    "ND",
    "PHASE"
  ],
  "SeriesNumber": 20,
  "AcquisitionTime": "13:14:35.202500",
  "AcquisitionNumber": 1,
  "SliceThickness": 2.5,
  "SpacingBetweenSlices": 2.75,
  "SAR": 0.104928,
  "EchoNumber": 2,
  "EchoTime": 0.00818,
  "RepetitionTime": 0.636,
  "FlipAngle": 60,
  "EchoTime1": 0.00572,
  "EchoTime2": 0.00818,
  "PartialFourier": 1,
  "BaseResolution": 76,
  "ShimSetting": [
    -5654,
    -1581,
    3215,
    586,
    -67,
    -164,
    86,
    77
  ],
  "TxRefAmp": 212.837,
  "PhaseResolution": 1,
  "ReceiveCoilName": "Head_32",
  "ReceiveCoilActiveElements": "HEA;HEP",
  "PulseSequenceDetails": "%SiemensSeq%\\gre_field_mapping",
  "ConsistencyInfo": "N4_VE11C_LATEST_20160120",
  "PercentPhaseFOV": 100,
  "PercentSampling": 100,
  "PhaseEncodingSteps": 76,
  "AcquisitionMatrixPE": 76,
  "ReconMatrixPE": 76,
  "PixelBandwidth": 260,
  "DwellTime": 2.53e-05,
  "PhaseEncodingDirection": "j-",
  "SliceTiming": [
    0.32812,
    0,
    0.34375,
    0.01562,
    0.34375,
    0.03125,
    0.35938,
    0.04688,
    0.375,
    0.0625,
    0.39062,
    0.0625,
    0.39062,
    0.07812,
    0.40625,
    0.09375,
    0.42188,
    0.10938,
    0.4375,
    0.10938,
    0.4375,
    0.125,
    0.45312,
    0.14062,
    0.46875,
    0.15625,
    0.48438,
    0.15625,
    0.48438,
    0.17188,
    0.5,
    0.1875,
    0.51562,
    0.20312,
    0.53125,
    0.20312,
    0.53125,
    0.21875,
    0.54688,
    0.23438,
    0.5625,
    0.25,
    0.57812,
    0.25,
    0.57812,
    0.26562,
    0.59375,
    0.28125,
    0.60938,
    0.29688,
    0.625,
    0.29688,
    0.625,
    0.3125
  ],
  "ImageOrientationPatientDICOM": [
    0.994806,
    -0.0918894,
    -0.0437973,
    0.0950879,
    0.992438,
    0.0776175
  ],
  "InPlanePhaseEncodingDirectionDICOM": "COL",
  "ConversionSoftware": "dcm2niix",
  "ConversionSoftwareVersion": "v1.0.20201102",
  "IntendedFor": [
    "ses-01/func/sub-02_ses-01_task-localizer_run-3_bold.nii",
    "ses-01/func/sub-02_ses-01_task-localizer_run-4_bold.nii",
    "ses-01/func/sub-02_ses-01_task-localizer_run-5_bold.nii",
    "ses-01/func/sub-02_ses-01_task-rest_run-5_bold.nii"
  ]
}
