{
	"Modality": "MR",
	"MagneticFieldStrength": 3,
	"ImagingFrequency": 123.253,
	"Manufacturer": "Siemens",
	"ManufacturersModelName": "Prisma_fit",
	"InstitutionName": "MIT",
	"InstitutionalDepartmentName": "Department",
	"InstitutionAddress": "Vassar Street 43,Cambridge,Boston,US,02139",
	"DeviceSerialNumber": "167012",
	"StationName": "MRC35115",
	"BodyPartExamined": "BRAIN",
	"PatientPosition": "HFS",
	"ProcedureStepDescription": "Oliva^Alex Ben",
	"SoftwareVersions": "syngo MR E11",
	"MRAcquisitionType": "3D",
	"SeriesDescription": "t1w_mpr_sag_1x1x1_176",
	"ProtocolName": "t1w_mpr_sag_1x1x1_176",
	"ScanningSequence": "GR\\IR",
	"SequenceVariant": "SK\\SP\\MP",
	"ScanOptions": "IR",
	"SequenceName": "*tfl3d1_16ns",
	"ImageType": ["ORIGINAL", "PRIMARY", "M", "ND", "NORM"],
	"SeriesNumber": 5,
	"AcquisitionTime": "15:58:14.017500",
	"AcquisitionNumber": 1,
	"SliceThickness": 1,
	"SAR": 0.0825976,
	"EchoTime": 0.00252,
	"RepetitionTime": 1.9,
	"InversionTime": 0.9,
	"FlipAngle": 9,
	"PartialFourier": 1,
	"BaseResolution": 256,
	"ShimSetting": [
		-5601,
		-1563,
		3128,
		-73,
		-42,
		-359,
		28,
		-54	],
	"TxRefAmp": 250.608,
	"PhaseResolution": 1,
	"ReceiveCoilName": "Head_32",
	"ReceiveCoilActiveElements": "HEA;HEP",
	"PulseSequenceDetails": "%SiemensSeq%\\tfl",
	"ConsistencyInfo": "N4_VE11C_LATEST_20160120",
	"PercentPhaseFOV": 100,
	"PercentSampling": 100,
	"PhaseEncodingSteps": 256,
	"AcquisitionMatrixPE": 256,
	"ReconMatrixPE": 256,
	"PixelBandwidth": 170,
	"DwellTime": 1.15e-05,
	"ImageOrientationPatientDICOM": [
		-0.00155802,
		0.995872,
		0.0907588,
		0.0323675,
		0.0907616,
		-0.995346	],
	"InPlanePhaseEncodingDirectionDICOM": "ROW",
	"ConversionSoftware": "dcm2niix",
	"ConversionSoftwareVersion": "v1.0.20201102"
}
