{
	"Modality": "MR",
	"MagneticFieldStrength": 3,
	"ImagingFrequency": 123.253,
	"Manufacturer": "Siemens",
	"ManufacturersModelName": "Prisma_fit",
	"InstitutionName": "MIT",
	"InstitutionalDepartmentName": "Department",
	"InstitutionAddress": "Vassar Street 43,Cambridge,Boston,US,02139",
	"DeviceSerialNumber": "167012",
	"StationName": "MRC35115",
	"BodyPartExamined": "BRAIN",
	"PatientPosition": "HFS",
	"ProcedureStepDescription": "Oliva^Alex Ben",
	"SoftwareVersions": "syngo MR E11",
	"MRAcquisitionType": "2D",
	"SeriesDescription": "t2w_1x1x1",
	"ProtocolName": "t2w_1x1x1",
	"ScanningSequence": "SE",
	"SequenceVariant": "SK\\SP",
	"SequenceName": "*tseR2d1_28",
	"ImageType": ["ORIGINAL", "PRIMARY", "M", "NORM", "DIS2D"],
	"SeriesNumber": 9,
	"AcquisitionTime": "09:32:56.657500",
	"AcquisitionNumber": 1,
	"SliceThickness": 1.1,
	"SpacingBetweenSlices": 1.21,
	"SAR": 0.353889,
	"EchoTime": 0.12,
	"RepetitionTime": 7.97,
	"FlipAngle": 90,
	"PartialFourier": 1,
	"BaseResolution": 256,
	"ShimSetting": [
		-5599,
		-1565,
		3166,
		384,
		-52,
		22,
		-25,
		9	],
	"TxRefAmp": 215.453,
	"PhaseResolution": 1,
	"ReceiveCoilName": "Head_32",
	"ReceiveCoilActiveElements": "HEA;HEP",
	"PulseSequenceDetails": "%SiemensSeq%\\tse",
	"RefLinesPE": 24,
	"ConsistencyInfo": "N4_VE11C_LATEST_20160120",
	"PercentPhaseFOV": 100,
	"PercentSampling": 100,
	"EchoTrainLength": 28,
	"PhaseEncodingSteps": 255,
	"AcquisitionMatrixPE": 256,
	"ReconMatrixPE": 256,
	"ParallelReductionFactorInPlane": 2,
	"PixelBandwidth": 360,
	"DwellTime": 5.4e-06,
	"PhaseEncodingDirection": "j-",
	"SliceTiming": [
		0,
		47.8203,
		95.6406,
		103.461,
		151.281,
		0.3125,
		48.125,
		95.9453,
		103.781,
		151.602,
		0.61719,
		48.4375,
		96.25,
		104.102,
		151.922,
		0.92188,
		48.7422,
		96.5625,
		104.422,
		152.242,
		1.22656,
		49.0469,
		96.8672,
		104.734,
		152.555,
		1.53125,
		49.3516,
		97.1719,
		105.055,
		152.875,
		1.84375,
		49.6641,
		97.4844,
		105.375,
		153.195,
		2.14844,
		49.9688,
		97.7891,
		105.695,
		153.516,
		2.45312,
		50.2734,
		98.0938,
		106.008,
		153.828,
		2.75781,
		50.5781,
		98.3984,
		106.328,
		154.148,
		3.0625,
		50.8828,
		98.7031,
		106.648,
		154.469,
		3.375,
		51.1953,
		99.0156,
		106.969,
		154.789,
		3.67969,
		51.5,
		99.3203,
		107.289,
		155.109,
		3.98438,
		51.8047,
		99.625,
		107.609,
		155.43,
		4.29688,
		52.1172,
		99.9375,
		107.922,
		155.742,
		4.60156,
		52.4219,
		60.2422,
		108.242,
		156.062,
		4.90625,
		52.7266,
		60.5469,
		108.562,
		156.383,
		5.21094,
		53.0312,
		60.8516,
		108.883,
		156.703,
		5.51562,
		53.3359,
		61.1562,
		109.203,
		157.023,
		5.82812,
		53.6484,
		61.4688,
		109.516,
		157.336,
		6.13281,
		53.9531,
		61.7734,
		109.836,
		157.656,
		6.4375,
		54.2578,
		62.0781,
		110.156,
		157.977,
		6.75,
		54.5625,
		62.3828,
		110.477,
		158.297,
		7.05469,
		54.875,
		62.6875,
		110.797,
		158.617,
		7.35938,
		55.1797,
		63,
		111.117,
		158.938,
		7.66406,
		55.4844,
		63.3047	],
	"ImageOrientationPatientDICOM": [
		0.994915,
		-0.0254419,
		0.0974488,
		0.0142399,
		0.993382,
		0.113969	],
	"InPlanePhaseEncodingDirectionDICOM": "COL",
	"ConversionSoftware": "dcm2niix",
	"ConversionSoftwareVersion": "v1.0.20201102"
}
