{
  "Modality": "MR",
  "MagneticFieldStrength": 3,
  "ImagingFrequency": 123.253,
  "Manufacturer": "Siemens",
  "ManufacturersModelName": "Prisma_fit",
  "InstitutionName": "MIT",
  "InstitutionalDepartmentName": "Department",
  "InstitutionAddress": "Vassar Street 43,Cambridge,Boston,US,02139",
  "DeviceSerialNumber": "167012",
  "StationName": "MRC35115",
  "BodyPartExamined": "BRAIN",
  "PatientPosition": "HFS",
  "ProcedureStepDescription": "Oliva^Alex Ben",
  "SoftwareVersions": "syngo MR E11",
  "MRAcquisitionType": "2D",
  "SeriesDescription": "gre_field_mapping",
  "ProtocolName": "gre_field_mapping",
  "ScanningSequence": "GR",
  "SequenceVariant": "SP",
  "SequenceName": "*fm2d2r",
  "ImageType": [
    "ORIGINAL",
    "PRIMARY",
    "P",
    "ND",
    "PHASE"
  ],
  "SeriesNumber": 7,
  "AcquisitionTime": "09:16:42.895000",
  "AcquisitionNumber": 1,
  "SliceThickness": 2.5,
  "SpacingBetweenSlices": 2.75,
  "SAR": 0.101368,
  "EchoNumber": 2,
  "EchoTime": 0.00818,
  "RepetitionTime": 0.636,
  "FlipAngle": 60,
  "EchoTime1": 0.00572,
  "EchoTime2": 0.00818,
  "PartialFourier": 1,
  "BaseResolution": 76,
  "ShimSetting": [
    -5616,
    -1530,
    3170,
    653,
    -4,
    -43,
    36,
    -20
  ],
  "TxRefAmp": 227.818,
  "PhaseResolution": 1,
  "ReceiveCoilName": "Head_32",
  "ReceiveCoilActiveElements": "HEA;HEP",
  "PulseSequenceDetails": "%SiemensSeq%\\gre_field_mapping",
  "ConsistencyInfo": "N4_VE11C_LATEST_20160120",
  "PercentPhaseFOV": 100,
  "PercentSampling": 100,
  "PhaseEncodingSteps": 76,
  "AcquisitionMatrixPE": 76,
  "ReconMatrixPE": 76,
  "PixelBandwidth": 260,
  "DwellTime": 2.53e-05,
  "PhaseEncodingDirection": "j-",
  "SliceTiming": [
    0.32031,
    0,
    0.32812,
    0.00781,
    0.33594,
    0.02344,
    0.35156,
    0.03125,
    0.36719,
    0.04688,
    0.375,
    0.05469,
    0.39062,
    0.07031,
    0.39844,
    0.07812,
    0.40625,
    0.09375,
    0.42188,
    0.10156,
    0.4375,
    0.11719,
    0.44531,
    0.125,
    0.45312,
    0.14062,
    0.46875,
    0.14844,
    0.48438,
    0.16406,
    0.49219,
    0.17188,
    0.50781,
    0.1875,
    0.51562,
    0.20312,
    0.52344,
    0.21094,
    0.53906,
    0.21875,
    0.55469,
    0.23438,
    0.5625,
    0.24219,
    0.57812,
    0.25781,
    0.58594,
    0.26562,
    0.60156,
    0.28125,
    0.60938,
    0.28906,
    0.625,
    0.30469
  ],
  "ImageOrientationPatientDICOM": [
    0.995532,
    -0.0768297,
    0.054892,
    0.0804483,
    0.994499,
    -0.067074
  ],
  "InPlanePhaseEncodingDirectionDICOM": "COL",
  "ConversionSoftware": "dcm2niix",
  "ConversionSoftwareVersion": "v1.0.20201102",
  "IntendedFor": [
    "ses-01/func/sub-01_ses-01_task-localizer_run-1_bold.nii",
    "ses-01/func/sub-01_ses-01_task-localizer_run-2_bold.nii",
    "ses-01/func/sub-01_ses-01_task-localizer_run-3_bold.nii",
    "ses-01/func/sub-01_ses-01_task-localizer_run-4_bold.nii",
    "ses-01/func/sub-01_ses-01_task-localizer_run-5_bold.nii",
    "ses-01/func/sub-01_ses-01_task-rest_run-1_bold.nii",
    "ses-01/func/sub-01_ses-01_task-rest_run-2_bold.nii",
    "ses-01/func/sub-01_ses-01_task-rest_run-3_bold.nii",
    "ses-01/func/sub-01_ses-01_task-rest_run-4_bold.nii",
    "ses-01/func/sub-01_ses-01_task-rest_run-5_bold.nii"
  ]
}
