{
	"Modality": "MR",
	"MagneticFieldStrength": 3,
	"ImagingFrequency": 123.253,
	"Manufacturer": "Siemens",
	"ManufacturersModelName": "Prisma_fit",
	"InstitutionName": "MIT",
	"InstitutionalDepartmentName": "Department",
	"InstitutionAddress": "Vassar Street 43,Cambridge,Boston,US,02139",
	"DeviceSerialNumber": "167012",
	"StationName": "MRC35115",
	"BodyPartExamined": "BRAIN",
	"PatientPosition": "HFS",
	"ProcedureStepDescription": "Oliva^Alex Ben",
	"SoftwareVersions": "syngo MR E11",
	"MRAcquisitionType": "2D",
	"SeriesDescription": "t2w_1x1x1",
	"ProtocolName": "t2w_1x1x1",
	"ScanningSequence": "SE",
	"SequenceVariant": "SK\\SP",
	"SequenceName": "*tseR2d1_28",
	"ImageType": ["ORIGINAL", "PRIMARY", "M", "NORM", "DIS2D"],
	"SeriesNumber": 9,
	"AcquisitionTime": "12:26:21.052500",
	"AcquisitionNumber": 1,
	"SliceThickness": 1.1,
	"SpacingBetweenSlices": 1.21,
	"SAR": 0.385826,
	"EchoTime": 0.12,
	"RepetitionTime": 7.97,
	"FlipAngle": 90,
	"PartialFourier": 1,
	"BaseResolution": 256,
	"ShimSetting": [
		-5650,
		-1581,
		3185,
		495,
		-89,
		-188,
		86,
		46	],
	"TxRefAmp": 212.837,
	"PhaseResolution": 1,
	"ReceiveCoilName": "Head_32",
	"ReceiveCoilActiveElements": "HEA;HEP",
	"PulseSequenceDetails": "%SiemensSeq%\\tse",
	"RefLinesPE": 24,
	"ConsistencyInfo": "N4_VE11C_LATEST_20160120",
	"PercentPhaseFOV": 100,
	"PercentSampling": 100,
	"EchoTrainLength": 28,
	"PhaseEncodingSteps": 255,
	"AcquisitionMatrixPE": 256,
	"ReconMatrixPE": 256,
	"ParallelReductionFactorInPlane": 2,
	"PixelBandwidth": 360,
	"DwellTime": 5.4e-06,
	"PhaseEncodingDirection": "j-",
	"SliceTiming": [
		0,
		47.8203,
		95.6406,
		103.461,
		151.281,
		0.30469,
		48.125,
		95.9453,
		103.773,
		151.594,
		0.60938,
		48.4297,
		96.25,
		104.094,
		151.914,
		0.91406,
		48.7344,
		96.5547,
		104.414,
		152.234,
		1.22656,
		49.0391,
		96.8594,
		104.734,
		152.555,
		1.53125,
		49.3516,
		97.1719,
		105.055,
		152.875,
		1.83594,
		49.6562,
		97.4766,
		105.367,
		153.188,
		2.14062,
		49.9609,
		97.7812,
		105.688,
		153.508,
		2.45312,
		50.2734,
		98.0938,
		106.008,
		153.828,
		2.75781,
		50.5781,
		98.3984,
		106.328,
		154.148,
		3.0625,
		50.8828,
		98.7031,
		106.648,
		154.469,
		3.36719,
		51.1875,
		99.0078,
		106.969,
		154.789,
		3.67188,
		51.4922,
		99.3125,
		107.281,
		155.102,
		3.98438,
		51.8047,
		99.625,
		107.602,
		155.422,
		4.28906,
		52.1094,
		99.9297,
		107.922,
		155.742,
		4.59375,
		52.4141,
		60.2344,
		108.242,
		156.062,
		4.90625,
		52.7266,
		60.5391,
		108.555,
		156.375,
		5.21094,
		53.0312,
		60.8516,
		108.875,
		156.695,
		5.51562,
		53.3359,
		61.1562,
		109.195,
		157.016,
		5.82031,
		53.6406,
		61.4609,
		109.516,
		157.336,
		6.125,
		53.9453,
		61.7656,
		109.836,
		157.656,
		6.4375,
		54.2578,
		62.0781,
		110.156,
		157.977,
		6.74219,
		54.5625,
		62.3828,
		110.469,
		158.289,
		7.04688,
		54.8672,
		62.6875,
		110.789,
		158.609,
		7.35156,
		55.1719,
		62.9922,
		111.109,
		158.93,
		7.66406,
		55.4766,
		63.2969	],
	"ImageOrientationPatientDICOM": [
		0.999582,
		-0.0208508,
		-0.0200098,
		0.0247784,
		0.974703,
		0.222124	],
	"InPlanePhaseEncodingDirectionDICOM": "COL",
	"ConversionSoftware": "dcm2niix",
	"ConversionSoftwareVersion": "v1.0.20201102"
}
