{
  "Modality": "MR",
  "MagneticFieldStrength": 3,
  "ImagingFrequency": 123.253,
  "Manufacturer": "Siemens",
  "ManufacturersModelName": "Prisma_fit",
  "InstitutionName": "McGovern Institute for Brain Research (3T1)",
  "InstitutionalDepartmentName": "Department",
  "InstitutionAddress": "Vassar Street 43,Cambridge,Boston,US,02139",
  "DeviceSerialNumber": "167012",
  "StationName": "MRC35115",
  "BodyPartExamined": "BRAIN",
  "PatientPosition": "HFS",
  "ProcedureStepDescription": "Oliva^Alex Ben",
  "SoftwareVersions": "syngo MR E11",
  "MRAcquisitionType": "2D",
  "SeriesDescription": "gre_field_mapping",
  "ProtocolName": "gre_field_mapping",
  "ScanningSequence": "GR",
  "SequenceVariant": "SP",
  "SequenceName": "*fm2d2r",
  "ImageType": [
    "ORIGINAL",
    "PRIMARY",
    "P",
    "ND",
    "PHASE"
  ],
  "SeriesNumber": 7,
  "AcquisitionTime": "09:15:24.150000",
  "AcquisitionNumber": 1,
  "SliceThickness": 2.5,
  "SpacingBetweenSlices": 2.75,
  "SAR": 0.145161,
  "EchoNumber": 2,
  "EchoTime": 0.00818,
  "RepetitionTime": 0.636,
  "FlipAngle": 60,
  "EchoTime1": 0.00572,
  "EchoTime2": 0.00818,
  "PartialFourier": 1,
  "BaseResolution": 76,
  "ShimSetting": [
    -5620,
    -1558,
    3216,
    368,
    -41,
    -151,
    -73,
    -46
  ],
  "TxRefAmp": 285.858,
  "PhaseResolution": 1,
  "ReceiveCoilName": "Head_32",
  "ReceiveCoilActiveElements": "HEA;HEP",
  "PulseSequenceDetails": "%SiemensSeq%\\gre_field_mapping",
  "ConsistencyInfo": "N4_VE11C_LATEST_20160120",
  "PercentPhaseFOV": 100,
  "PercentSampling": 100,
  "PhaseEncodingSteps": 76,
  "AcquisitionMatrixPE": 76,
  "ReconMatrixPE": 76,
  "PixelBandwidth": 260,
  "DwellTime": 2.53e-05,
  "PhaseEncodingDirection": "j-",
  "SliceTiming": [
    0.3125,
    0,
    0.32031,
    0.00781,
    0.33594,
    0.01562,
    0.35156,
    0.03125,
    0.35938,
    0.03906,
    0.375,
    0.05469,
    0.38281,
    0.07031,
    0.39844,
    0.07812,
    0.40625,
    0.08594,
    0.42188,
    0.10156,
    0.42969,
    0.11719,
    0.44531,
    0.125,
    0.45312,
    0.13281,
    0.46875,
    0.14844,
    0.47656,
    0.15625,
    0.49219,
    0.17188,
    0.5,
    0.1875,
    0.51562,
    0.19531,
    0.52344,
    0.20312,
    0.53906,
    0.21875,
    0.54688,
    0.23438,
    0.5625,
    0.24219,
    0.57031,
    0.25781,
    0.58594,
    0.26562,
    0.59375,
    0.27344,
    0.60938,
    0.28906,
    0.61719,
    0.30469
  ],
  "ImageOrientationPatientDICOM": [
    0.995725,
    -0.0684681,
    0.0619939,
    0.074869,
    0.991369,
    -0.10762
  ],
  "InPlanePhaseEncodingDirectionDICOM": "COL",
  "ConversionSoftware": "dcm2niix",
  "ConversionSoftwareVersion": "v1.0.20201102",
  "IntendedFor": [
    "ses-01/func/sub-07_ses-01_task-localizer_run-1_bold.nii",
    "ses-01/func/sub-07_ses-01_task-localizer_run-2_bold.nii",
    "ses-01/func/sub-07_ses-01_task-localizer_run-3_bold.nii",
    "ses-01/func/sub-07_ses-01_task-localizer_run-4_bold.nii",
    "ses-01/func/sub-07_ses-01_task-localizer_run-5_bold.nii",
    "ses-01/func/sub-07_ses-01_task-rest_run-1_bold.nii",
    "ses-01/func/sub-07_ses-01_task-rest_run-2_bold.nii",
    "ses-01/func/sub-07_ses-01_task-rest_run-3_bold.nii",
    "ses-01/func/sub-07_ses-01_task-rest_run-4_bold.nii",
    "ses-01/func/sub-07_ses-01_task-rest_run-5_bold.nii"
  ]
}
