{
  "Modality": "MR",
  "MagneticFieldStrength": 3,
  "ImagingFrequency": 123.253,
  "Manufacturer": "Siemens",
  "ManufacturersModelName": "Prisma_fit",
  "InstitutionName": "McGovern Institute for Brain Research (3T1)",
  "InstitutionalDepartmentName": "Department",
  "InstitutionAddress": "Vassar Street 43,Cambridge,Boston,US,02139",
  "DeviceSerialNumber": "167012",
  "StationName": "MRC35115",
  "BodyPartExamined": "BRAIN",
  "PatientPosition": "HFS",
  "ProcedureStepDescription": "Oliva^Alex Ben",
  "SoftwareVersions": "syngo MR E11",
  "MRAcquisitionType": "2D",
  "SeriesDescription": "gre_field_mapping",
  "ProtocolName": "gre_field_mapping",
  "ScanningSequence": "GR",
  "SequenceVariant": "SP",
  "SequenceName": "*fm2d2r",
  "ImageType": [
    "ORIGINAL",
    "PRIMARY",
    "M",
    "ND"
  ],
  "SeriesNumber": 5,
  "AcquisitionTime": "09:07:48.247500",
  "AcquisitionNumber": 1,
  "SliceThickness": 2.5,
  "SpacingBetweenSlices": 2.75,
  "SAR": 0.100376,
  "EchoNumber": 1,
  "EchoTime": 0.00572,
  "RepetitionTime": 0.636,
  "FlipAngle": 60,
  "PartialFourier": 1,
  "BaseResolution": 76,
  "ShimSetting": [
    -5610,
    -1514,
    3182,
    637,
    8,
    -37,
    90,
    5
  ],
  "TxRefAmp": 226.508,
  "PhaseResolution": 1,
  "ReceiveCoilName": "Head_32",
  "ReceiveCoilActiveElements": "HEA;HEP",
  "PulseSequenceDetails": "%SiemensSeq%\\gre_field_mapping",
  "ConsistencyInfo": "N4_VE11C_LATEST_20160120",
  "PercentPhaseFOV": 100,
  "PercentSampling": 100,
  "PhaseEncodingSteps": 76,
  "AcquisitionMatrixPE": 76,
  "ReconMatrixPE": 76,
  "PixelBandwidth": 260,
  "DwellTime": 2.53e-05,
  "PhaseEncodingDirection": "j-",
  "SliceTiming": [
    0.32031,
    0,
    0.32812,
    0.01562,
    0.34375,
    0.02344,
    0.35156,
    0.03906,
    0.36719,
    0.04688,
    0.375,
    0.05469,
    0.39062,
    0.07031,
    0.39844,
    0.08594,
    0.41406,
    0.09375,
    0.42188,
    0.10156,
    0.4375,
    0.11719,
    0.44531,
    0.13281,
    0.46094,
    0.14062,
    0.46875,
    0.15625,
    0.48438,
    0.16406,
    0.49219,
    0.17188,
    0.50781,
    0.1875,
    0.51562,
    0.20312,
    0.53125,
    0.21094,
    0.53906,
    0.22656,
    0.55469,
    0.23438,
    0.5625,
    0.25,
    0.57812,
    0.25781,
    0.58594,
    0.27344,
    0.60156,
    0.28125,
    0.60938,
    0.29688,
    0.625,
    0.30469
  ],
  "ImageOrientationPatientDICOM": [
    0.997718,
    -0.0662942,
    0.0127789,
    0.0667931,
    0.996811,
    -0.043656
  ],
  "InPlanePhaseEncodingDirectionDICOM": "COL",
  "ConversionSoftware": "dcm2niix",
  "ConversionSoftwareVersion": "v1.0.20201102",
  "IntendedFor": [
    "ses-02/func/sub-01_ses-02_task-test_run-1_bold.nii",
    "ses-02/func/sub-01_ses-02_task-test_run-2_bold.nii",
    "ses-02/func/sub-01_ses-02_task-test_run-3_bold.nii",
    "ses-02/func/sub-01_ses-02_task-train_run-1_bold.nii",
    "ses-02/func/sub-01_ses-02_task-train_run-2_bold.nii",
    "ses-02/func/sub-01_ses-02_task-train_run-3_bold.nii",
    "ses-02/func/sub-01_ses-02_task-train_run-4_bold.nii",
    "ses-02/func/sub-01_ses-02_task-train_run-5_bold.nii",
    "ses-02/func/sub-01_ses-02_task-train_run-6_bold.nii",
    "ses-02/func/sub-01_ses-02_task-train_run-7_bold.nii",
    "ses-02/func/sub-01_ses-02_task-train_run-8_bold.nii",
    "ses-02/func/sub-01_ses-02_task-train_run-9_bold.nii",
    "ses-02/func/sub-01_ses-02_task-train_run-10_bold.nii"
  ]
}
