{
  "Modality": "MR",
  "MagneticFieldStrength": 3,
  "ImagingFrequency": 123.253,
  "Manufacturer": "Siemens",
  "ManufacturersModelName": "Prisma_fit",
  "InstitutionName": "McGovern Institute for Brain Research (3T1)",
  "InstitutionalDepartmentName": "Department",
  "InstitutionAddress": "Vassar Street 43,Cambridge,Boston,US,02139",
  "DeviceSerialNumber": "167012",
  "StationName": "MRC35115",
  "BodyPartExamined": "BRAIN",
  "PatientPosition": "HFS",
  "ProcedureStepDescription": "Oliva^Alex Ben",
  "SoftwareVersions": "syngo MR E11",
  "MRAcquisitionType": "2D",
  "SeriesDescription": "cmrr_run_fMRI_TRAIN",
  "ProtocolName": "cmrr_run_fMRI_TRAIN",
  "ScanningSequence": "EP",
  "SequenceVariant": "SK\\SS",
  "ScanOptions": "FS",
  "SequenceName": "epfid2d1_76",
  "ImageType": [
    "ORIGINAL",
    "PRIMARY",
    "M",
    "MB",
    "ND",
    "MOSAIC"
  ],
  "SeriesNumber": 17,
  "AcquisitionTime": "17:31:39.867500",
  "AcquisitionNumber": 1,
  "ImageComments": "Unaliased MB2/PE2/LB",
  "SliceThickness": 2.5,
  "SpacingBetweenSlices": 2.75,
  "SAR": 0.0931256,
  "EchoTime": 0.03,
  "RepetitionTime": 1.75,
  "FlipAngle": 71,
  "PartialFourier": 1,
  "BaseResolution": 76,
  "ShimSetting": [
    -5618,
    -1492,
    3128,
    466,
    10,
    109,
    -72,
    -44
  ],
  "TxRefAmp": 222.37,
  "PhaseResolution": 1,
  "ReceiveCoilName": "Head_32",
  "ReceiveCoilActiveElements": "HEA;HEP",
  "PulseSequenceDetails": "%CustomerSeq%\\cmrr_mbep2d_bold",
  "WipMemBlock": "718948ee-40f2-45f1-a40c-2b9964ac4c71||Sequence: R016 ve11c/master r/e634e98; Dec 19 2017 11:00:25 by eja",
  "ConsistencyInfo": "N4_VE11C_LATEST_20160120",
  "MultibandAccelerationFactor": 2,
  "PercentPhaseFOV": 100,
  "PercentSampling": 100,
  "EchoTrainLength": 76,
  "PhaseEncodingSteps": 76,
  "AcquisitionMatrixPE": 76,
  "ReconMatrixPE": 76,
  "BandwidthPerPixelPhaseEncode": 25.8,
  "EffectiveEchoSpacing": 0.000509996,
  "DerivedVendorReportedEchoSpacing": 0.000509996,
  "TotalReadoutTime": 0.0382497,
  "PixelBandwidth": 2270,
  "DwellTime": 2.9e-06,
  "PhaseEncodingDirection": "j-",
  "SliceTiming": [
    0,
    0.895,
    0.0625,
    0.96,
    0.1275,
    1.025,
    0.1925,
    1.0875,
    0.255,
    1.1525,
    0.32,
    1.2175,
    0.3825,
    1.28,
    0.4475,
    1.345,
    0.5125,
    1.4075,
    0.575,
    1.4725,
    0.64,
    1.5375,
    0.705,
    1.6,
    0.7675,
    1.665,
    0.8325,
    0,
    0.895,
    0.0625,
    0.96,
    0.1275,
    1.025,
    0.1925,
    1.0875,
    0.255,
    1.1525,
    0.32,
    1.2175,
    0.3825,
    1.28,
    0.4475,
    1.345,
    0.5125,
    1.4075,
    0.575,
    1.4725,
    0.64,
    1.5375,
    0.705,
    1.6,
    0.7675,
    1.665,
    0.8325
  ],
  "ImageOrientationPatientDICOM": [
    0.998383,
    0.0350019,
    -0.044791,
    -0.037307,
    0.997965,
    -0.0517058
  ],
  "InPlanePhaseEncodingDirectionDICOM": "COL",
  "ConversionSoftware": "dcm2niix",
  "ConversionSoftwareVersion": "v1.0.20201102",
  "TaskName": "train"
}
