{
	"Modality": "MR",
	"MagneticFieldStrength": 3,
	"ImagingFrequency": 123.253,
	"Manufacturer": "Siemens",
	"ManufacturersModelName": "Prisma_fit",
	"InstitutionName": "McGovern Institute for Brain Research (3T1)",
	"InstitutionalDepartmentName": "Department",
	"InstitutionAddress": "Vassar Street 43,Cambridge,Boston,US,02139",
	"DeviceSerialNumber": "167012",
	"StationName": "MRC35115",
	"BodyPartExamined": "BRAIN",
	"PatientPosition": "HFS",
	"ProcedureStepDescription": "Oliva^Alex Ben",
	"SoftwareVersions": "syngo MR E11",
	"MRAcquisitionType": "2D",
	"SeriesDescription": "t2w_1x1x1",
	"ProtocolName": "t2w_1x1x1",
	"ScanningSequence": "SE",
	"SequenceVariant": "SK\\SP",
	"SequenceName": "*tseR2d1_28",
	"ImageType": ["ORIGINAL", "PRIMARY", "M", "NORM", "DIS2D"],
	"SeriesNumber": 9,
	"AcquisitionTime": "16:24:39.087500",
	"AcquisitionNumber": 1,
	"SliceThickness": 1.1,
	"SpacingBetweenSlices": 1.21,
	"SAR": 0.535326,
	"EchoTime": 0.12,
	"RepetitionTime": 7.97,
	"FlipAngle": 90,
	"PartialFourier": 1,
	"BaseResolution": 256,
	"ShimSetting": [
		-5648,
		-1573,
		3205,
		363,
		-61,
		2,
		45,
		52	],
	"TxRefAmp": 278.804,
	"PhaseResolution": 1,
	"ReceiveCoilName": "Head_32",
	"ReceiveCoilActiveElements": "HEA;HEP",
	"PulseSequenceDetails": "%SiemensSeq%\\tse",
	"RefLinesPE": 24,
	"ConsistencyInfo": "N4_VE11C_LATEST_20160120",
	"PercentPhaseFOV": 100,
	"PercentSampling": 100,
	"EchoTrainLength": 28,
	"PhaseEncodingSteps": 255,
	"AcquisitionMatrixPE": 256,
	"ReconMatrixPE": 256,
	"ParallelReductionFactorInPlane": 2,
	"PixelBandwidth": 360,
	"DwellTime": 5.4e-06,
	"PhaseEncodingDirection": "j-",
	"SliceTiming": [
		0,
		47.8125,
		95.6406,
		103.453,
		151.281,
		0.29688,
		48.125,
		95.9375,
		103.766,
		151.594,
		0.60938,
		48.4219,
		96.25,
		104.094,
		151.906,
		0.90625,
		48.7344,
		96.5469,
		104.406,
		152.234,
		1.21875,
		49.0312,
		96.8594,
		104.734,
		152.547,
		1.53125,
		49.3438,
		97.1719,
		105.047,
		152.859,
		1.82812,
		49.6562,
		97.4688,
		105.359,
		153.188,
		2.14062,
		49.9531,
		97.7812,
		105.688,
		153.5,
		2.4375,
		50.2656,
		98.0781,
		106,
		153.828,
		2.75,
		50.5781,
		98.3906,
		106.328,
		154.141,
		3.0625,
		50.875,
		98.7031,
		106.641,
		154.469,
		3.35938,
		51.1875,
		99,
		106.953,
		154.781,
		3.67188,
		51.4844,
		99.3125,
		107.281,
		155.094,
		3.96875,
		51.7969,
		99.6094,
		107.594,
		155.422,
		4.28125,
		52.1094,
		99.9219,
		107.922,
		155.734,
		4.59375,
		52.4062,
		60.2344,
		108.234,
		156.047,
		4.89062,
		52.7188,
		60.5312,
		108.547,
		156.375,
		5.20312,
		53.0312,
		60.8438,
		108.875,
		156.688,
		5.51562,
		53.3281,
		61.1562,
		109.188,
		157.016,
		5.8125,
		53.6406,
		61.4531,
		109.516,
		157.328,
		6.125,
		53.9375,
		61.7656,
		109.828,
		157.656,
		6.42188,
		54.25,
		62.0625,
		110.141,
		157.969,
		6.73438,
		54.5625,
		62.375,
		110.469,
		158.281,
		7.04688,
		54.8594,
		62.6875,
		110.781,
		158.609,
		7.34375,
		55.1719,
		62.9844,
		111.109,
		158.922,
		7.65625,
		55.4688,
		63.2969	],
	"ImageOrientationPatientDICOM": [
		0.997879,
		0.00522051,
		-0.0648826,
		0.00435409,
		0.989193,
		0.146556	],
	"InPlanePhaseEncodingDirectionDICOM": "COL",
	"ConversionSoftware": "dcm2niix",
	"ConversionSoftwareVersion": "v1.0.20201102"
}
