{
	"Modality": "MR",
	"MagneticFieldStrength": 3,
	"ImagingFrequency": 123.253,
	"Manufacturer": "Siemens",
	"ManufacturersModelName": "Prisma_fit",
	"InstitutionName": "McGovern Institute for Brain Research (3T1)",
	"InstitutionalDepartmentName": "Department",
	"InstitutionAddress": "Vassar Street 43,Cambridge,Boston,US,02139",
	"DeviceSerialNumber": "167012",
	"StationName": "MRC35115",
	"BodyPartExamined": "BRAIN",
	"PatientPosition": "HFS",
	"ProcedureStepDescription": "Oliva^Alex Ben",
	"SoftwareVersions": "syngo MR E11",
	"MRAcquisitionType": "2D",
	"SeriesDescription": "t2w_1x1x1",
	"ProtocolName": "t2w_1x1x1",
	"ScanningSequence": "SE",
	"SequenceVariant": "SK\\SP",
	"SequenceName": "*tseR2d1_28",
	"ImageType": ["ORIGINAL", "PRIMARY", "M", "NORM", "DIS2D"],
	"SeriesNumber": 9,
	"AcquisitionTime": "19:36:37.022500",
	"AcquisitionNumber": 1,
	"SliceThickness": 1.1,
	"SpacingBetweenSlices": 1.21,
	"SAR": 0.320264,
	"EchoTime": 0.12,
	"RepetitionTime": 7.97,
	"FlipAngle": 90,
	"PartialFourier": 1,
	"BaseResolution": 256,
	"ShimSetting": [
		-5591,
		-1574,
		3158,
		439,
		48,
		-40,
		43,
		-32	],
	"TxRefAmp": 216.982,
	"PhaseResolution": 1,
	"ReceiveCoilName": "Head_32",
	"ReceiveCoilActiveElements": "HEA;HEP",
	"PulseSequenceDetails": "%SiemensSeq%\\tse",
	"RefLinesPE": 24,
	"ConsistencyInfo": "N4_VE11C_LATEST_20160120",
	"PercentPhaseFOV": 100,
	"PercentSampling": 100,
	"EchoTrainLength": 28,
	"PhaseEncodingSteps": 255,
	"AcquisitionMatrixPE": 256,
	"ReconMatrixPE": 256,
	"ParallelReductionFactorInPlane": 2,
	"PixelBandwidth": 360,
	"DwellTime": 5.4e-06,
	"PhaseEncodingDirection": "j-",
	"SliceTiming": [
		0,
		47.8281,
		95.6406,
		103.469,
		151.281,
		0.3125,
		48.1406,
		95.9531,
		103.781,
		151.609,
		0.625,
		48.4375,
		96.2656,
		104.109,
		151.922,
		0.92188,
		48.75,
		96.5625,
		104.422,
		152.25,
		1.23438,
		49.0469,
		96.875,
		104.734,
		152.562,
		1.54688,
		49.3594,
		97.1719,
		105.062,
		152.875,
		1.84375,
		49.6719,
		97.4844,
		105.375,
		153.203,
		2.15625,
		49.9688,
		97.7969,
		105.703,
		153.516,
		2.45312,
		50.2812,
		98.0938,
		106.016,
		153.844,
		2.76562,
		50.5938,
		98.4062,
		106.344,
		154.156,
		3.07812,
		50.8906,
		98.7188,
		106.656,
		154.469,
		3.375,
		51.2031,
		99.0156,
		106.969,
		154.797,
		3.6875,
		51.5,
		99.3281,
		107.297,
		155.109,
		3.98438,
		51.8125,
		99.625,
		107.609,
		155.438,
		4.29688,
		52.125,
		99.9375,
		107.922,
		155.75,
		4.60938,
		52.4219,
		60.25,
		108.25,
		156.062,
		4.90625,
		52.7344,
		60.5469,
		108.562,
		156.391,
		5.21875,
		53.0469,
		60.8594,
		108.891,
		156.703,
		5.53125,
		53.3438,
		61.1719,
		109.203,
		157.031,
		5.82812,
		53.6562,
		61.4688,
		109.531,
		157.344,
		6.14062,
		53.9531,
		61.7812,
		109.844,
		157.672,
		6.4375,
		54.2656,
		62.0781,
		110.156,
		157.984,
		6.75,
		54.5781,
		62.3906,
		110.484,
		158.297,
		7.0625,
		54.875,
		62.7031,
		110.797,
		158.625,
		7.35938,
		55.1875,
		63,
		111.125,
		158.938,
		7.67188,
		55.4844,
		63.3125	],
	"ImageOrientationPatientDICOM": [
		0.99639,
		-0.00448669,
		0.0847798,
		0.00226075,
		0.999651,
		0.0263333	],
	"InPlanePhaseEncodingDirectionDICOM": "COL",
	"ConversionSoftware": "dcm2niix",
	"ConversionSoftwareVersion": "v1.0.20201102"
}
